GEM
  remote: https://rubygems.org/
  specs:
    ZenTest (4.9.2)
    minitest (5.0.3)

PLATFORMS
  ruby

DEPENDENCIES
  ZenTest
  minitest
